GEM
  remote: https://rubygems.org/
  specs:
    coderay (1.1.3)
    dotenv (3.0.2)
    ethon (0.16.0)
      ffi (>= 1.15.0)
    ffi (1.16.3)
    hashie (5.0.0)
    json (2.7.1)
    method_source (1.0.0)
    oauth (1.1.0)
      oauth-tty (~> 1.0, >= 1.0.1)
      snaky_hash (~> 2.0)
      version_gem (~> 1.1)
    oauth-tty (1.0.5)
      version_gem (~> 1.1, >= 1.1.1)
    pry (0.14.2)
      coderay (~> 1.1)
      method_source (~> 1.0)
    snaky_hash (2.0.1)
      hashie
      version_gem (~> 1.1, >= 1.1.1)
    typhoeus (1.4.1)
      ethon (>= 0.9.0)
    version_gem (1.1.3)

PLATFORMS
  arm64-darwin-21

DEPENDENCIES
  dotenv (~> 3.0)
  json (~> 2.7)
  oauth (~> 1.1)
  pry (~> 0.14.2)
  typhoeus (~> 1.4)

BUNDLED WITH
   2.2.3
